FRAMEWORK: NET452
NUGET
  remote: http://api.nuget.org/v3/index.json
    Newtonsoft.Json (9.0.1)
    NUnit (3.5)
    Unquote (3.1.2)
