FRAMEWORK: NET451
NUGET
  remote: https://api.nuget.org/v3/index.json
    Newtonsoft.Json (9.0.1)
    Npgsql (3.1.9)
    NUnit (3.6)
    Unquote (3.1.2)
